GEM
  remote: https://rubygems.org/
  specs:
    faraday (0.15.2)
      multipart-post (>= 1.2, < 3)
    multipart-post (2.0.0)
    rake (12.3.1)
    retriable (3.1.2)
    ruby-progressbar (1.10.0)
    rubyzip (1.2.1)
    solr_wrapper (2.0.0)
      faraday
      retriable
      ruby-progressbar
      rubyzip

PLATFORMS
  ruby

DEPENDENCIES
  rake
  solr_wrapper

BUNDLED WITH
   1.16.2
